GEM
  remote: https://rubygems.org/
  specs:
    addressable (2.8.1)
      public_suffix (>= 2.0.2, < 6.0)
    domain_name (0.5.20160615)
      unf (>= 0.0.5, < 1.0.0)
    http (2.0.1)
      addressable (~> 2.3)
      http-cookie (~> 1.0)
      http-form_data (~> 1.0.1)
      http_parser.rb (~> 0.6.0)
    http-cookie (1.0.2)
      domain_name (~> 0.5)
    http-form_data (1.0.1)
    http_parser.rb (0.6.0)
    public_suffix (5.0.0)
    unf (0.1.4)
      unf_ext
    unf_ext (0.0.7.2)
    version_sorter (2.1.0)

PLATFORMS
  ruby

DEPENDENCIES
  http
  version_sorter

BUNDLED WITH
   1.13.6
